PATH
  remote: .
  specs:
    thrillcall-api (0.1.1)
      faraday (~> 0.8.7)
      retriable (~> 3.1.1)

GEM
  remote: http://rubygems.org/
  specs:
    ZenTest (4.11.0)
    autotest (4.4.6)
      ZenTest (>= 4.4.1)
    autotest-fsevent (0.2.12)
      sys-uname
    autotest-growl (0.2.16)
    awesome_print (1.0.2)
    diff-lcs (1.1.3)
    faker (0.9.5)
      i18n (~> 0.4)
    faraday (0.8.11)
      multipart-post (~> 1.2.0)
    ffi (1.9.14)
    i18n (0.6.0)
    mini_portile2 (2.8.0)
    multi_json (1.12.2)
    multipart-post (1.2.0)
    nokogiri (1.13.3)
      mini_portile2 (~> 2.8.0)
      racc (~> 1.4)
    pygments.rb (1.2.0)
      multi_json (>= 1.0.0)
    racc (1.6.0)
    rake (0.9.2.2)
    redcarpet (1.17.2)
    retriable (3.1.1)
    rspec (2.7.0)
      rspec-core (~> 2.7.0)
      rspec-expectations (~> 2.7.0)
      rspec-mocks (~> 2.7.0)
    rspec-core (2.7.1)
    rspec-expectations (2.7.0)
      diff-lcs (~> 1.1.2)
    rspec-mocks (2.7.0)
    sys-uname (1.0.2)
      ffi (>= 1.0.0)
    tzinfo (0.3.31)

PLATFORMS
  ruby

DEPENDENCIES
  ZenTest (~> 4.11.0)
  autotest (~> 4.4.6)
  autotest-fsevent (~> 0.2.12)
  autotest-growl (~> 0.2.16)
  awesome_print (~> 1.0.1)
  bundler (>= 1.0.0)
  faker (~> 0.9.5)
  nokogiri (~> 1.13.3)
  pygments.rb (~> 1.2.0)
  rake (~> 0.9.2.2)
  redcarpet (~> 1.17.2)
  retriable (~> 3.1.1)
  rspec (~> 2.7.0)
  thrillcall-api!
  tzinfo (~> 0.3.31)

BUNDLED WITH
   1.15.4
