PATH
  remote: .
  specs:
    thrillcall-api (0.0.7)
      faraday (~> 0.8.7)
      retriable (~> 1.3.3)

GEM
  remote: http://rubygems.org/
  specs:
    ZenTest (4.6.2)
    albino (1.3.3)
      posix-spawn (>= 0.3.6)
    autotest (4.4.6)
      ZenTest (>= 4.4.1)
    autotest-fsevent (0.2.8)
      sys-uname
    autotest-growl (0.2.16)
    awesome_print (1.0.2)
    diff-lcs (1.1.3)
    faker (0.9.5)
      i18n (~> 0.4)
    faraday (0.8.7)
      multipart-post (~> 1.1)
    ffi (1.0.11)
    i18n (0.6.0)
    multipart-post (1.2.0)
    nokogiri (1.4.7)
    posix-spawn (0.3.6)
    rake (0.9.2.2)
    redcarpet (1.17.2)
    retriable (1.3.3)
    rspec (2.7.0)
      rspec-core (~> 2.7.0)
      rspec-expectations (~> 2.7.0)
      rspec-mocks (~> 2.7.0)
    rspec-core (2.7.1)
    rspec-expectations (2.7.0)
      diff-lcs (~> 1.1.2)
    rspec-mocks (2.7.0)
    sys-uname (0.9.0)
      ffi (>= 1.0.0)
    tzinfo (0.3.31)

PLATFORMS
  ruby

DEPENDENCIES
  ZenTest (~> 4.6.2)
  albino (~> 1.3.3)
  autotest (~> 4.4.6)
  autotest-fsevent (~> 0.2.8)
  autotest-growl (~> 0.2.16)
  awesome_print (~> 1.0.1)
  bundler (>= 1.0.0)
  faker (~> 0.9.5)
  nokogiri (~> 1.4.6)
  rake (~> 0.9.2.2)
  redcarpet (~> 1.17.2)
  rspec (~> 2.7.0)
  thrillcall-api!
  tzinfo (~> 0.3.31)
