PATH
  remote: .
  specs:
    thrillcall-api (0.0.2)
      faraday (~> 0.7.0)

GEM
  remote: http://rubygems.org/
  specs:
    ZenTest (4.4.2)
    addressable (2.2.6)
    albino (1.3.3)
      posix-spawn (>= 0.3.6)
    autotest (4.4.6)
      ZenTest (>= 4.4.1)
    autotest-fsevent (0.2.5)
      sys-uname
    autotest-growl (0.2.9)
    awesome_print (0.3.2)
    diff-lcs (1.1.2)
    faraday (0.7.2)
      addressable (~> 2.2.6)
      multipart-post (~> 1.1.0)
      rack (>= 1.1.0, < 2)
    multipart-post (1.1.2)
    nokogiri (1.4.6)
    posix-spawn (0.3.6)
    rack (1.3.0)
    redcarpet (1.17.2)
    rspec (2.1.0)
      rspec-core (~> 2.1.0)
      rspec-expectations (~> 2.1.0)
      rspec-mocks (~> 2.1.0)
    rspec-core (2.1.0)
    rspec-expectations (2.1.0)
      diff-lcs (~> 1.1.2)
    rspec-mocks (2.1.0)
    sys-uname (0.8.5)

PLATFORMS
  ruby

DEPENDENCIES
  ZenTest (~> 4.4.0)
  albino (~> 1.3.3)
  autotest (~> 4.4.2)
  autotest-fsevent (~> 0.2.3)
  autotest-growl (~> 0.2.6)
  awesome_print (~> 0.3.2)
  bundler (>= 1.0.0)
  nokogiri (~> 1.4.6)
  redcarpet (~> 1.17.2)
  rspec (~> 2.1.0)
  thrillcall-api!
